PATH
  remote: .
  specs:
    ynap (1.0.0)
      plaid (~> 12.0)
      sinatra (~> 2.1)
      thor (~> 1.0)
      ynab (~> 1.20)

GEM
  remote: https://rubygems.org/
  specs:
    awesome_print (1.8.0)
    byebug (11.1.3)
    coderay (1.1.3)
    diff-lcs (1.4.4)
    ethon (0.12.0)
      ffi (>= 1.3.0)
    faraday (1.1.0)
      multipart-post (>= 1.2, < 3)
      ruby2_keywords
    faraday_middleware (1.0.0)
      faraday (~> 1.0)
    ffi (1.13.1)
    hashie (4.1.0)
    json (2.3.1)
    method_source (1.0.0)
    multipart-post (2.1.1)
    mustermann (1.1.1)
      ruby2_keywords (~> 0.0.1)
    plaid (12.0.0)
      faraday
      faraday_middleware
      hashie (>= 3.4.3)
    pry (0.13.1)
      coderay (~> 1.1)
      method_source (~> 1.0)
    rack (2.2.3)
    rack-protection (2.1.0)
      rack
    rake (13.0.1)
    rspec (3.9.0)
      rspec-core (~> 3.9.0)
      rspec-expectations (~> 3.9.0)
      rspec-mocks (~> 3.9.0)
    rspec-core (3.9.3)
      rspec-support (~> 3.9.3)
    rspec-expectations (3.9.3)
      diff-lcs (>= 1.2.0, < 2.0)
      rspec-support (~> 3.9.0)
    rspec-mocks (3.9.1)
      diff-lcs (>= 1.2.0, < 2.0)
      rspec-support (~> 3.9.0)
    rspec-support (3.9.4)
    ruby2_keywords (0.0.2)
    sinatra (2.1.0)
      mustermann (~> 1.0)
      rack (~> 2.2)
      rack-protection (= 2.1.0)
      tilt (~> 2.0)
    thor (1.0.1)
    tilt (2.0.10)
    typhoeus (1.4.0)
      ethon (>= 0.9.0)
    ynab (1.20.0)
      json (~> 2.1, >= 2.1.0)
      typhoeus (~> 1.0, >= 1.0.1)

PLATFORMS
  ruby

DEPENDENCIES
  awesome_print (~> 1.8)
  byebug (~> 11.0)
  pry
  rake (~> 13.0)
  rspec (~> 3.9)
  ynap!

BUNDLED WITH
   2.1.1
